PATH
  remote: .
  specs:
    dynect_rest (0.4.3)
      rest-client

GEM
  remote: http://rubygems.org/
  specs:
    diff-lcs (1.2.4)
    domain_name (0.5.23)
      unf (>= 0.0.5, < 1.0.0)
    http-cookie (1.0.2)
      domain_name (~> 0.5)
    mime-types (2.4.3)
    netrc (0.10.3)
    rake (10.1.0)
    rest-client (1.8.0)
      http-cookie (>= 1.0.2, < 2.0)
      mime-types (>= 1.16, < 3.0)
      netrc (~> 0.7)
    rspec (2.14.1)
      rspec-core (~> 2.14.0)
      rspec-expectations (~> 2.14.0)
      rspec-mocks (~> 2.14.0)
    rspec-core (2.14.5)
    rspec-expectations (2.14.2)
      diff-lcs (>= 1.1.3, < 2.0)
    rspec-mocks (2.14.3)
    unf (0.1.4)
      unf_ext
    unf_ext (0.0.6)
    yard (0.8.7)

PLATFORMS
  ruby

DEPENDENCIES
  dynect_rest!
  rake
  rspec (>= 2.10.0)
  yard
