PATH
  remote: .
  specs:
    dynect_rest (0.4.6)
      rest-client

GEM
  remote: http://rubygems.org/
  specs:
    diff-lcs (1.3)
    domain_name (0.5.20180417)
      unf (>= 0.0.5, < 1.0.0)
    ffi (1.10.0-x64-mingw32)
    http-cookie (1.0.3)
      domain_name (~> 0.5)
    mime-types (3.2.2)
      mime-types-data (~> 3.2015)
    mime-types-data (3.2018.0812)
    netrc (0.11.0)
    rake (12.3.0)
    rest-client (2.0.2-x64-mingw32)
      ffi (~> 1.9)
      http-cookie (>= 1.0.2, < 2.0)
      mime-types (>= 1.16, < 4.0)
      netrc (~> 0.8)
    rspec (3.8.0)
      rspec-core (~> 3.8.0)
      rspec-expectations (~> 3.8.0)
      rspec-mocks (~> 3.8.0)
    rspec-core (3.8.0)
      rspec-support (~> 3.8.0)
    rspec-expectations (3.8.2)
      diff-lcs (>= 1.2.0, < 2.0)
      rspec-support (~> 3.8.0)
    rspec-mocks (3.8.0)
      diff-lcs (>= 1.2.0, < 2.0)
      rspec-support (~> 3.8.0)
    rspec-support (3.8.0)
    unf (0.1.4)
      unf_ext
    unf_ext (0.0.7.5-x64-mingw32)
    yard (0.9.18)

PLATFORMS
  x64-mingw32

DEPENDENCIES
  dynect_rest!
  rake
  rspec (>= 3)
  yard

BUNDLED WITH
   1.17.3
